GEM
  remote: http://rubygems.org/
  specs:
    adsf (1.2.0)
      rack (>= 1.0.0)
    builder (3.2.2)
    coderay (1.1.0)
    colored (1.2)
    cri (2.7.0)
      colored (~> 1.2)
    haml (4.0.7)
      tilt
    kramdown (1.9.0)
    mini_portile2 (2.0.0)
    nanoc (3.8.0)
      cri (~> 2.3)
    nokogiri (1.6.7)
      mini_portile2 (~> 2.0.0.rc2)
    rack (1.6.4)
    tilt (2.0.1)

PLATFORMS
  ruby

DEPENDENCIES
  adsf
  builder
  coderay
  haml
  kramdown
  nanoc (= 3.8.0)
  nokogiri

BUNDLED WITH
   1.11.1
